GEM
  remote: https://rubygems.org/
  specs:
    activesupport (4.1.16)
      i18n (~> 0.6, >= 0.6.9)
      json (~> 1.7, >= 1.7.7)
      minitest (~> 5.1)
      thread_safe (~> 0.1)
      tzinfo (~> 1.1)
    backports (3.10.3)
    builder (3.2.3)
    concurrent-ruby (1.0.5)
    daemons (1.2.5)
    eventmachine (1.2.5)
    haml (4.0.7)
      tilt
    i18n (0.9.1)
      concurrent-ruby (~> 1.0)
    json (1.8.6)
    mini_portile (0.6.0)
    minitest (5.10.3)
    multi_json (1.12.2)
    nokogiri (1.6.3.1)
      mini_portile (= 0.6.0)
    rack (1.6.8)
    rack-protection (1.5.3)
      rack
    rack-test (0.8.2)
      rack (>= 1.0, < 3)
    rdiscount (2.1.8)
    redis (3.1.0)
    sinatra (1.4.8)
      rack (~> 1.5)
      rack-protection (~> 1.4)
      tilt (>= 1.3, < 3)
    sinatra-contrib (1.4.7)
      backports (>= 2.0)
      multi_json
      rack-protection
      rack-test
      sinatra (~> 1.4.0)
      tilt (>= 1.3, < 3)
    thin (1.6.4)
      daemons (~> 1.0, >= 1.0.9)
      eventmachine (~> 1.0, >= 1.0.4)
      rack (~> 1.0)
    thread_safe (0.3.6)
    tilt (2.0.8)
    tzinfo (1.2.4)
      thread_safe (~> 0.1)

PLATFORMS
  ruby

DEPENDENCIES
  activesupport (~> 4.1.6)
  builder (~> 3.2.2)
  haml (~> 4.0.5)
  nokogiri (~> 1.6.3.1)
  rdiscount (~> 2.1.8)
  redis (~> 3.1.0)
  sinatra (~> 1.4.5)
  sinatra-contrib (~> 1.4.2)
  thin (~> 1.6.3)

BUNDLED WITH
   1.15.1
